GEM
  remote: http://rubygems.org/
  specs:
    addressable (2.2.7)
    em-websocket-client (0.1.1)
      eventmachine
      libwebsocket
    eventmachine (0.12.10)
    libwebsocket (0.1.3)
      addressable
    ponder (0.2.0)
      eventmachine (>= 0.12.10)

PLATFORMS
  ruby

DEPENDENCIES
  em-websocket-client
  eventmachine
  ponder
